GEM
  remote: https://rubygems.org/
  specs:
    cairo (1.12.9)
      pkg-config (>= 1.1.5)
    gdk_pixbuf2 (2.2.0)
      glib2 (= 2.2.0)
    glib2 (2.2.0)
      pkg-config
    pkg-config (1.1.5)
    rdtool (0.6.38)
    rsvg2 (2.2.0)
      cairo (>= 1.12.8)
      gdk_pixbuf2 (= 2.2.0)

PLATFORMS
  ruby

DEPENDENCIES
  rdtool
  rsvg2
